GEM
  remote: https://rubygems.org/
  specs:
    addressable (2.4.0)
    asciiart (0.0.9)
      rainbow (= 2.0.0)
      rmagick (= 2.13.4)
    boxr (1.1.0)
      addressable (~> 2.3)
      hashie (~> 3.3)
      httpclient (~> 2.5)
      jwt (~> 1.4)
      oj (~> 2.11)
    childprocess (0.5.9)
      ffi (~> 1.0, >= 1.0.11)
    coderay (1.1.1)
    commonwatir (4.0.0)
    ffi (1.9.10)
    haml (4.0.7)
      tilt
    hashie (3.4.4)
    httpclient (2.8.0)
    jwt (1.5.4)
    method_source (0.8.2)
    oj (2.15.0)
    pry (0.10.3)
      coderay (~> 1.1.0)
      method_source (~> 0.8.1)
      slop (~> 3.4)
    rack (1.6.4)
    rack-protection (1.5.3)
      rack
    rainbow (2.0.0)
    rmagick (2.13.4)
    rubyzip (1.2.0)
    selenium-webdriver (2.53.0)
      childprocess (~> 0.5)
      rubyzip (~> 1.0)
      websocket (~> 1.0)
    sinatra (1.4.7)
      rack (~> 1.5)
      rack-protection (~> 1.4)
      tilt (>= 1.3, < 3)
    slop (3.6.0)
    tilt (2.0.4)
    watir (5.0.0)
      commonwatir (~> 4)
      watir-webdriver
    watir-webdriver (0.9.1)
      selenium-webdriver (>= 2.46.2)
    websocket (1.2.3)

PLATFORMS
  ruby

DEPENDENCIES
  asciiart
  boxr
  haml
  pry
  sinatra
  watir

BUNDLED WITH
   1.12.5
